PATH
  remote: .
  specs:
    boxcutter (0.2.1)
      faraday (~> 0.8.1)
      trollop (~> 1.16.2)
      yajl-ruby (~> 1.1.0)

GEM
  remote: https://rubygems.org/
  specs:
    diff-lcs (1.1.3)
    faraday (0.8.1)
      multipart-post (~> 1.1)
    ffi (1.1.3)
    guard (1.2.3)
      listen (>= 0.4.2)
      thor (>= 0.14.6)
    guard-rspec (1.2.1)
      guard (>= 1.1)
    listen (0.4.7)
      rb-fchange (~> 0.0.5)
      rb-fsevent (~> 0.9.1)
      rb-inotify (~> 0.8.8)
    multipart-post (1.1.5)
    rb-fchange (0.0.5)
      ffi
    rb-fsevent (0.9.1)
    rb-inotify (0.8.8)
      ffi (>= 0.5.0)
    rspec (2.11.0)
      rspec-core (~> 2.11.0)
      rspec-expectations (~> 2.11.0)
      rspec-mocks (~> 2.11.0)
    rspec-core (2.11.1)
    rspec-expectations (2.11.2)
      diff-lcs (~> 1.1.3)
    rspec-mocks (2.11.1)
    thor (0.15.4)
    trollop (1.16.2)
    vcr (2.2.4)
    yajl-ruby (1.1.0)

PLATFORMS
  ruby

DEPENDENCIES
  boxcutter!
  guard (~> 1.2.3)
  guard-rspec (~> 1.2.1)
  rspec (~> 2.11.0)
  vcr (~> 2.2.4)
